GEM
  remote: https://rubygems.org/
  specs:
    haml (4.0.7)
      tilt
    puma (3.6.0)
    rack (2.0.1)
    sequel (4.40.0)
    sqlite3 (1.3.12)
    tilt (2.0.5)

PLATFORMS
  ruby

DEPENDENCIES
  haml
  puma
  rack
  sequel
  sqlite3

RUBY VERSION
   ruby 2.3.1p112

BUNDLED WITH
   1.13.6
